{
    "Modality": "MR",
    "MagneticFieldStrength": 6.98,
    "ImagingFrequency": 297.224,
    "Manufacturer": "Siemens",
    "ManufacturersModelName": "Investigational_Device_7T",
    "DeviceSerialNumber": "18981",
    "StationName": "MRC18981",
    "PatientPosition": "HFS",
    "SoftwareVersions": "syngo MR B17",
    "MRAcquisitionType": "2D",
    "SeriesDescription": "SpinEchoFieldMap_AP",
    "ProtocolName": "SpinEchoFieldMap_AP",
    "ScanningSequence": "EP",
    "SequenceVariant": "SK",
    "ScanOptions": "PFP",
    "SequenceName": "epse2d1_130",
    "ImageType": [
        "ORIGINAL",
        "PRIMARY",
        "M",
        "MB",
        "ND",
        "MOSAIC"
    ],
    "SeriesNumber": 3,
    "AcquisitionTime": "09:46:14.195000",
    "AcquisitionNumber": 1,
    "ImageComments": "Unaliased MB5/PE4",
    "SliceThickness": 1.6,
    "SpacingBetweenSlices": 1.6,
    "SAR": 0.0585889,
    "EchoTime": 0.06,
    "RepetitionTime": 3,
    "FlipAngle": 90,
    "PartialFourier": 0.875,
    "BaseResolution": 130,
    "ShimSetting": [
        12,
        54,
        870,
        405,
        -288,
        -83,
        -710,
        52
    ],
    "TxRefAmp": 250,
    "PhaseResolution": 1,
    "ReceiveCoilName": "32Ch_Head_7T",
    "CoilString": "C:A32",
    "PulseSequenceDetails": "%CustomerSeq%\\cmrr_mbep2d_se",
    "RefLinesPE": 96,
    "CoilCombinationMethod": "Sum of Squares",
    "MatrixCoilMode": "GRAPPA",
    "MultibandAccelerationFactor": 5,
    "PercentPhaseFOV": 100,
    "PercentSampling": 100,
    "PhaseEncodingSteps": 114,
    "AcquisitionMatrixPE": 130,
    "ReconMatrixPE": 130,
    "BandwidthPerPixelPhaseEncode": 24.038,
    "ParallelReductionFactorInPlane": 2,
    "EffectiveEchoSpacing": 0.000320006,
    "DerivedVendorReportedEchoSpacing": 0.000640012,
    "TotalReadoutTime": 0.0412808,
    "PixelBandwidth": 1923,
    "DwellTime": 2e-06,
    "PhaseEncodingDirection": "j",
    "SliceTiming": [
        0,
        1.595,
        0.1775,
        1.7725,
        0.355,
        1.95,
        0.5325,
        2.125,
        0.7075,
        2.3025,
        0.885,
        2.48,
        1.0625,
        2.6575,
        1.24,
        2.835,
        1.4175,
        0,
        1.595,
        0.1775,
        1.7725,
        0.355,
        1.95,
        0.5325,
        2.125,
        0.7075,
        2.3025,
        0.885,
        2.48,
        1.0625,
        2.6575,
        1.24,
        2.835,
        1.4175,
        0,
        1.595,
        0.1775,
        1.7725,
        0.355,
        1.95,
        0.5325,
        2.125,
        0.7075,
        2.3025,
        0.885,
        2.48,
        1.0625,
        2.6575,
        1.24,
        2.835,
        1.4175,
        0,
        1.595,
        0.1775,
        1.7725,
        0.355,
        1.95,
        0.5325,
        2.125,
        0.7075,
        2.3025,
        0.885,
        2.48,
        1.0625,
        2.6575,
        1.24,
        2.835,
        1.4175,
        0,
        1.595,
        0.1775,
        1.7725,
        0.355,
        1.95,
        0.5325,
        2.125,
        0.7075,
        2.3025,
        0.885,
        2.48,
        1.0625,
        2.6575,
        1.24,
        2.835,
        1.4175
    ],
    "ImageOrientationPatientDICOM": [
        1,
        1e-16,
        0,
        -1e-16,
        0.939693,
        -0.34202
    ],
    "ImageOrientationText": "Tra>Cor(-20.0)",
    "InPlanePhaseEncodingDirectionDICOM": "COL",
    "ConversionSoftware": "dcm2niix",
    "ConversionSoftwareVersion": "v1.0.20211220",
    "Dcm2bidsVersion": "2.1.6",
    "IntendedFor": [
        "ses-01/func/sub-05_ses-01_task-GDMotor_run-01_sbref.nii.gz",
        "ses-01/func/sub-05_ses-01_task-GDMotor_run-01_bold.nii.gz",
        "ses-01/func/sub-05_ses-01_task-GDMotor_run-02_sbref.nii.gz",
        "ses-01/func/sub-05_ses-01_task-GDMotor_run-02_bold.nii.gz",
        "ses-01/func/sub-05_ses-01_task-GDMotor_run-03_sbref.nii.gz",
        "ses-01/func/sub-05_ses-01_task-GDMotor_run-03_bold.nii.gz",
        "ses-01/func/sub-05_ses-01_task-GDMotor_run-04_sbref.nii.gz",
        "ses-01/func/sub-05_ses-01_task-GDMotor_run-04_bold.nii.gz",
        "ses-01/func/sub-05_ses-01_task-GDMotor_run-05_sbref.nii.gz",
        "ses-01/func/sub-05_ses-01_task-GDMotor_run-05_bold.nii.gz",
        "ses-01/func/sub-05_ses-01_task-GDMotor_run-06_sbref.nii.gz",
        "ses-01/func/sub-05_ses-01_task-GDMotor_run-06_bold.nii.gz",
        "ses-01/func/sub-05_ses-01_task-GDMotor_run-07_sbref.nii.gz",
        "ses-01/func/sub-05_ses-01_task-GDMotor_run-07_bold.nii.gz",
        "ses-01/func/sub-05_ses-01_task-GDMotor_run-08_sbref.nii.gz",
        "ses-01/func/sub-05_ses-01_task-GDMotor_run-08_bold.nii.gz"
    ]
}