{
    "Modality": "MR",
    "MagneticFieldStrength": 6.98,
    "ImagingFrequency": 297.224,
    "Manufacturer": "Siemens",
    "ManufacturersModelName": "Investigational_Device_7T",
    "DeviceSerialNumber": "18981",
    "StationName": "MRC18981",
    "PatientPosition": "HFS",
    "SoftwareVersions": "syngo MR B17",
    "MRAcquisitionType": "2D",
    "SeriesDescription": "SpinEchoFieldMap_PA",
    "ProtocolName": "SpinEchoFieldMap_PA",
    "ScanningSequence": "EP",
    "SequenceVariant": "SK",
    "ScanOptions": "PFP",
    "SequenceName": "epse2d1_130",
    "ImageType": [
        "ORIGINAL",
        "PRIMARY",
        "M",
        "ND",
        "MOSAIC"
    ],
    "SeriesNumber": 7,
    "AcquisitionTime": "12:07:11.555000",
    "AcquisitionNumber": 1,
    "SliceThickness": 1.6,
    "SpacingBetweenSlices": 1.6,
    "SAR": 0.0406973,
    "EchoTime": 0.0604,
    "RepetitionTime": 7.19,
    "FlipAngle": 90,
    "PartialFourier": 0.875,
    "BaseResolution": 130,
    "ShimSetting": [
        -100,
        129,
        744,
        507,
        -98,
        -128,
        -690,
        65
    ],
    "TxRefAmp": 270,
    "PhaseResolution": 1,
    "ReceiveCoilName": "32Ch_Head_7T",
    "CoilString": "C:A32",
    "PulseSequenceDetails": "%CustomerSeq%\\cmrr_mbep2d_se",
    "RefLinesPE": 96,
    "CoilCombinationMethod": "Sum of Squares",
    "MatrixCoilMode": "GRAPPA",
    "PercentPhaseFOV": 100,
    "PercentSampling": 100,
    "PhaseEncodingSteps": 114,
    "AcquisitionMatrixPE": 130,
    "ReconMatrixPE": 130,
    "BandwidthPerPixelPhaseEncode": 24.038,
    "ParallelReductionFactorInPlane": 2,
    "EffectiveEchoSpacing": 0.000320006,
    "DerivedVendorReportedEchoSpacing": 0.000640012,
    "TotalReadoutTime": 0.0412808,
    "PixelBandwidth": 1923,
    "DwellTime": 2e-06,
    "PhaseEncodingDirection": "j-",
    "SliceTiming": [
        0,
        3.65,
        0.085,
        3.735,
        0.17,
        3.82,
        0.255,
        3.905,
        0.3375,
        3.99,
        0.4225,
        4.075,
        0.5075,
        4.16,
        0.5925,
        4.245,
        0.6775,
        4.33,
        0.7625,
        4.415,
        0.8475,
        4.5,
        0.9325,
        4.585,
        1.0175,
        4.67,
        1.1025,
        4.755,
        1.1875,
        4.84,
        1.2725,
        4.925,
        1.3575,
        5.01,
        1.4425,
        5.095,
        1.5275,
        5.18,
        1.6125,
        5.265,
        1.6975,
        5.35,
        1.7825,
        5.435,
        1.8675,
        5.52,
        1.9525,
        5.6025,
        2.0375,
        5.6875,
        2.1225,
        5.7725,
        2.2075,
        5.8575,
        2.2925,
        5.9425,
        2.3775,
        6.0275,
        2.4625,
        6.1125,
        2.5475,
        6.1975,
        2.6325,
        6.2825,
        2.7175,
        6.3675,
        2.8025,
        6.4525,
        2.8875,
        6.5375,
        2.97,
        6.6225,
        3.055,
        6.7075,
        3.14,
        6.7925,
        3.225,
        6.8775,
        3.31,
        6.9625,
        3.395,
        7.0475,
        3.48,
        7.1325,
        3.565
    ],
    "ImageOrientationPatientDICOM": [
        1,
        -1e-16,
        0,
        1e-16,
        0.939693,
        -0.34202
    ],
    "ImageOrientationText": "Tra>Cor(-20.0)",
    "InPlanePhaseEncodingDirectionDICOM": "COL",
    "ConversionSoftware": "dcm2niix",
    "ConversionSoftwareVersion": "v1.0.20211220",
    "Dcm2bidsVersion": "2.1.6",
    "IntendedFor": [
        "ses-01/func/sub-02_ses-01_task-GDMotor_run-01_sbref.nii.gz",
        "ses-01/func/sub-02_ses-01_task-GDMotor_run-01_bold.nii.gz",
        "ses-01/func/sub-02_ses-01_task-GDMotor_run-02_sbref.nii.gz",
        "ses-01/func/sub-02_ses-01_task-GDMotor_run-02_bold.nii.gz",
        "ses-01/func/sub-02_ses-01_task-GDMotor_run-03_sbref.nii.gz",
        "ses-01/func/sub-02_ses-01_task-GDMotor_run-03_bold.nii.gz",
        "ses-01/func/sub-02_ses-01_task-GDMotor_run-04_sbref.nii.gz",
        "ses-01/func/sub-02_ses-01_task-GDMotor_run-04_bold.nii.gz",
        "ses-01/func/sub-02_ses-01_task-GDMotor_run-05_sbref.nii.gz",
        "ses-01/func/sub-02_ses-01_task-GDMotor_run-05_bold.nii.gz",
        "ses-01/func/sub-02_ses-01_task-GDMotor_run-06_sbref.nii.gz",
        "ses-01/func/sub-02_ses-01_task-GDMotor_run-06_bold.nii.gz",
        "ses-01/func/sub-02_ses-01_task-GDMotor_run-07_sbref.nii.gz",
        "ses-01/func/sub-02_ses-01_task-GDMotor_run-07_bold.nii.gz",
        "ses-01/func/sub-02_ses-01_task-GDMotor_run-08_sbref.nii.gz",
        "ses-01/func/sub-02_ses-01_task-GDMotor_run-08_bold.nii.gz"
    ]
}