{
    "Modality": "MR",
    "MagneticFieldStrength": 3,
    "ImagingFrequency": 123.121,
    "Manufacturer": "Siemens",
    "ManufacturersModelName": "Verio",
    "DeviceSerialNumber": "40463",
    "StationName": "MRC40463",
    "PatientPosition": "HFS",
    "SoftwareVersions": "syngo MR B17",
    "MRAcquisitionType": "2D",
    "SeriesDescription": "SEFieldMap_AP_208",
    "ProtocolName": "SEFieldMap_AP_208",
    "ScanningSequence": "EP",
    "SequenceVariant": "SK",
    "ScanOptions": "PFP",
    "SequenceName": "epse2d1_104",
    "ImageType": [
        "ORIGINAL",
        "PRIMARY",
        "M",
        "ND",
        "MOSAIC"
    ],
    "SeriesNumber": 4,
    "AcquisitionTime": "14:42:44.892500",
    "AcquisitionNumber": 1,
    "ImageComments": "SENSE1",
    "SliceThickness": 2,
    "SpacingBetweenSlices": 2,
    "SAR": 0.0838635,
    "EchoTime": 0.06,
    "RepetitionTime": 7.7,
    "FlipAngle": 78,
    "PartialFourier": 0.75,
    "BaseResolution": 104,
    "ShimSetting": [
        2863,
        7558,
        -15141,
        100,
        1005,
        -1098,
        -522,
        1291
    ],
    "TxRefAmp": 459.05,
    "PhaseResolution": 1,
    "ReceiveCoilName": "32Ch_Head",
    "CoilString": "C:HEA;HEP",
    "PulseSequenceDetails": "%CustomerSeq%\\cmrr_mbep2d_se",
    "CoilCombinationMethod": "Sum of Squares",
    "MatrixCoilMode": "SENSE",
    "PercentPhaseFOV": 100,
    "PercentSampling": 100,
    "PhaseEncodingSteps": 78,
    "AcquisitionMatrixPE": 104,
    "ReconMatrixPE": 104,
    "BandwidthPerPixelPhaseEncode": 12.821,
    "EffectiveEchoSpacing": 0.000749971,
    "DerivedVendorReportedEchoSpacing": 0.000749971,
    "TotalReadoutTime": 0.0772471,
    "PixelBandwidth": 1849,
    "DwellTime": 2.6e-06,
    "PhaseEncodingDirection": "j-",
    "SliceTiming": [
        3.865,
        0,
        3.9725,
        0.1075,
        4.08,
        0.215,
        4.1875,
        0.3225,
        4.295,
        0.43,
        4.4025,
        0.5375,
        4.51,
        0.645,
        4.6175,
        0.7525,
        4.725,
        0.86,
        4.8325,
        0.9675,
        4.9375,
        1.075,
        5.045,
        1.18,
        5.1525,
        1.2875,
        5.26,
        1.395,
        5.3675,
        1.5025,
        5.475,
        1.61,
        5.5825,
        1.7175,
        5.69,
        1.825,
        5.7975,
        1.9325,
        5.905,
        2.04,
        6.0125,
        2.1475,
        6.12,
        2.255,
        6.2275,
        2.3625,
        6.335,
        2.47,
        6.4425,
        2.5775,
        6.55,
        2.685,
        6.6575,
        2.7925,
        6.765,
        2.9,
        6.87,
        3.005,
        6.9775,
        3.1125,
        7.085,
        3.22,
        7.1925,
        3.3275,
        7.3,
        3.435,
        7.4075,
        3.5425,
        7.515,
        3.65,
        7.6225,
        3.7575
    ],
    "ImageOrientationPatientDICOM": [
        1,
        0,
        0,
        0,
        1,
        0
    ],
    "ImageOrientationText": "Tra",
    "InPlanePhaseEncodingDirectionDICOM": "COL",
    "ConversionSoftware": "dcm2niix",
    "ConversionSoftwareVersion": "v1.0.20211220",
    "Dcm2bidsVersion": "2.1.6",
    "IntendedFor": [
        "ses-02/anat/sub-24_ses-02_acq-01_T1w.nii.gz",
        "ses-02/anat/sub-24_ses-02_acq-01_T2w.nii.gz",
        "ses-02/anat/sub-24_ses-02_acq-02_T1w.nii.gz",
        "ses-02/anat/sub-24_ses-02_acq-02_T2w.nii.gz"
    ]
}