{
    "Modality": "MR",
    "MagneticFieldStrength": 6.98,
    "ImagingFrequency": 297.224,
    "Manufacturer": "Siemens",
    "ManufacturersModelName": "Investigational_Device_7T",
    "DeviceSerialNumber": "18981",
    "StationName": "MRC18981",
    "PatientPosition": "HFS",
    "SoftwareVersions": "syngo MR B17",
    "MRAcquisitionType": "2D",
    "SeriesDescription": "SpinEchoFieldMap_AP_SBRef",
    "ProtocolName": "SpinEchoFieldMap_AP",
    "ScanningSequence": "EP",
    "SequenceVariant": "SK",
    "ScanOptions": "PFP",
    "SequenceName": "epse2d1_130",
    "ImageType": [
        "ORIGINAL",
        "PRIMARY",
        "M",
        "ND",
        "MOSAIC"
    ],
    "SeriesNumber": 2,
    "AcquisitionTime": "15:01:15.145000",
    "AcquisitionNumber": 1,
    "ImageComments": "Single-band reference",
    "SliceThickness": 1.6,
    "SpacingBetweenSlices": 1.6,
    "SAR": 0.0324788,
    "EchoTime": 0.06,
    "RepetitionTime": 3,
    "FlipAngle": 90,
    "PartialFourier": 0.875,
    "BaseResolution": 130,
    "ShimSetting": [
        15,
        30,
        797,
        394,
        -51,
        72,
        -745,
        129
    ],
    "TxRefAmp": 192.604,
    "PhaseResolution": 1,
    "ReceiveCoilName": "32Ch_Head_7T",
    "CoilString": "C:A32",
    "PulseSequenceDetails": "%CustomerSeq%\\cmrr_mbep2d_se",
    "RefLinesPE": 96,
    "CoilCombinationMethod": "Sum of Squares",
    "MatrixCoilMode": "GRAPPA",
    "PercentPhaseFOV": 100,
    "PercentSampling": 100,
    "PhaseEncodingSteps": 114,
    "AcquisitionMatrixPE": 130,
    "ReconMatrixPE": 130,
    "BandwidthPerPixelPhaseEncode": 24.038,
    "ParallelReductionFactorInPlane": 2,
    "EffectiveEchoSpacing": 0.000320006,
    "DerivedVendorReportedEchoSpacing": 0.000640012,
    "TotalReadoutTime": 0.0412808,
    "PixelBandwidth": 1923,
    "DwellTime": 2e-06,
    "PhaseEncodingDirection": "j",
    "SliceTiming": [
        0,
        0.1775,
        0.355,
        0.5325,
        0.71,
        0.8875,
        1.0625,
        1.24,
        1.4175,
        1.595,
        1.7725,
        1.95,
        2.1275,
        2.3025,
        2.48,
        2.6575,
        2.835,
        3.0125,
        3.19,
        3.3675,
        3.545,
        3.72,
        3.8975,
        4.075,
        4.2525,
        4.43,
        4.6075,
        4.785,
        4.96,
        5.1375,
        5.315,
        5.4925,
        5.67,
        5.8475,
        6.025,
        6.2,
        6.3775,
        6.555,
        6.7325,
        6.91,
        7.0875,
        7.265,
        7.4425,
        7.6175,
        7.795,
        7.9725,
        8.15,
        8.3275,
        8.505,
        8.6825,
        8.8575,
        9.035,
        9.2125,
        9.39,
        9.5675,
        9.745,
        9.9225,
        10.0975,
        10.275,
        10.4525,
        10.63,
        10.8075,
        10.985,
        11.1625,
        11.34,
        11.515,
        11.6925,
        11.87,
        12.0475,
        12.225,
        12.4025,
        12.58,
        12.755,
        12.9325,
        13.11,
        13.2875,
        13.465,
        13.6425,
        13.82,
        13.995,
        14.1725,
        14.35,
        14.5275,
        14.705,
        14.8825
    ],
    "ImageOrientationPatientDICOM": [
        1,
        1e-16,
        0,
        -1e-16,
        0.939693,
        -0.34202
    ],
    "ImageOrientationText": "Tra>Cor(-20.0)",
    "InPlanePhaseEncodingDirectionDICOM": "COL",
    "ConversionSoftware": "dcm2niix",
    "ConversionSoftwareVersion": "v1.0.20211220",
    "Dcm2bidsVersion": "2.1.6",
    "IntendedFor": [
        "ses-01/func/sub-18_ses-01_task-GDMotor_run-01_sbref.nii.gz",
        "ses-01/func/sub-18_ses-01_task-GDMotor_run-01_bold.nii.gz",
        "ses-01/func/sub-18_ses-01_task-GDMotor_run-02_sbref.nii.gz",
        "ses-01/func/sub-18_ses-01_task-GDMotor_run-02_bold.nii.gz",
        "ses-01/func/sub-18_ses-01_task-GDMotor_run-03_sbref.nii.gz",
        "ses-01/func/sub-18_ses-01_task-GDMotor_run-03_bold.nii.gz",
        "ses-01/func/sub-18_ses-01_task-GDMotor_run-04_sbref.nii.gz",
        "ses-01/func/sub-18_ses-01_task-GDMotor_run-04_bold.nii.gz",
        "ses-01/func/sub-18_ses-01_task-GDMotor_run-05_sbref.nii.gz",
        "ses-01/func/sub-18_ses-01_task-GDMotor_run-05_bold.nii.gz",
        "ses-01/func/sub-18_ses-01_task-GDMotor_run-06_sbref.nii.gz",
        "ses-01/func/sub-18_ses-01_task-GDMotor_run-06_bold.nii.gz",
        "ses-01/func/sub-18_ses-01_task-GDMotor_run-07_sbref.nii.gz",
        "ses-01/func/sub-18_ses-01_task-GDMotor_run-07_bold.nii.gz",
        "ses-01/func/sub-18_ses-01_task-GDMotor_run-08_sbref.nii.gz",
        "ses-01/func/sub-18_ses-01_task-GDMotor_run-08_bold.nii.gz"
    ]
}