{
    "Modality": "MR",
    "MagneticFieldStrength": 6.98,
    "ImagingFrequency": 297.224,
    "Manufacturer": "Siemens",
    "ManufacturersModelName": "Investigational_Device_7T",
    "DeviceSerialNumber": "18981",
    "StationName": "MRC18981",
    "PatientPosition": "HFS",
    "SoftwareVersions": "syngo MR B17",
    "MRAcquisitionType": "2D",
    "SeriesDescription": "SpinEchoFieldMap_AP",
    "ProtocolName": "SpinEchoFieldMap_AP",
    "ScanningSequence": "EP",
    "SequenceVariant": "SK",
    "ScanOptions": "PFP",
    "SequenceName": "epse2d1_130",
    "ImageType": [
        "ORIGINAL",
        "PRIMARY",
        "M",
        "ND",
        "MOSAIC"
    ],
    "SeriesNumber": 6,
    "AcquisitionTime": "12:04:52.172500",
    "AcquisitionNumber": 1,
    "SliceThickness": 1.6,
    "SpacingBetweenSlices": 1.6,
    "SAR": 0.0407697,
    "EchoTime": 0.06,
    "RepetitionTime": 7.15,
    "FlipAngle": 90,
    "PartialFourier": 0.875,
    "BaseResolution": 130,
    "ShimSetting": [
        -100,
        129,
        744,
        507,
        -98,
        -128,
        -690,
        65
    ],
    "TxRefAmp": 270,
    "PhaseResolution": 1,
    "ReceiveCoilName": "32Ch_Head_7T",
    "CoilString": "C:A32",
    "PulseSequenceDetails": "%CustomerSeq%\\cmrr_mbep2d_se",
    "RefLinesPE": 96,
    "CoilCombinationMethod": "Sum of Squares",
    "MatrixCoilMode": "GRAPPA",
    "PercentPhaseFOV": 100,
    "PercentSampling": 100,
    "PhaseEncodingSteps": 114,
    "AcquisitionMatrixPE": 130,
    "ReconMatrixPE": 130,
    "BandwidthPerPixelPhaseEncode": 24.038,
    "ParallelReductionFactorInPlane": 2,
    "EffectiveEchoSpacing": 0.000320006,
    "DerivedVendorReportedEchoSpacing": 0.000640012,
    "TotalReadoutTime": 0.0412808,
    "PixelBandwidth": 1923,
    "DwellTime": 2e-06,
    "PhaseEncodingDirection": "j",
    "SliceTiming": [
        0,
        3.6325,
        0.085,
        3.715,
        0.17,
        3.8,
        0.2525,
        3.885,
        0.3375,
        3.97,
        0.4225,
        4.0525,
        0.5075,
        4.1375,
        0.5925,
        4.2225,
        0.675,
        4.3075,
        0.76,
        4.3925,
        0.845,
        4.475,
        0.93,
        4.56,
        1.0125,
        4.645,
        1.0975,
        4.73,
        1.1825,
        4.8125,
        1.2675,
        4.8975,
        1.3525,
        4.9825,
        1.435,
        5.0675,
        1.52,
        5.1525,
        1.605,
        5.235,
        1.69,
        5.32,
        1.7725,
        5.405,
        1.8575,
        5.49,
        1.9425,
        5.5725,
        2.0275,
        5.6575,
        2.1125,
        5.7425,
        2.195,
        5.8275,
        2.28,
        5.9125,
        2.365,
        5.995,
        2.45,
        6.08,
        2.5325,
        6.165,
        2.6175,
        6.25,
        2.7025,
        6.335,
        2.7875,
        6.4175,
        2.8725,
        6.5025,
        2.955,
        6.5875,
        3.04,
        6.6725,
        3.125,
        6.755,
        3.21,
        6.84,
        3.2925,
        6.925,
        3.3775,
        7.01,
        3.4625,
        7.095,
        3.5475
    ],
    "ImageOrientationPatientDICOM": [
        1,
        1e-16,
        0,
        -1e-16,
        0.939693,
        -0.34202
    ],
    "ImageOrientationText": "Tra>Cor(-20.0)",
    "InPlanePhaseEncodingDirectionDICOM": "COL",
    "ConversionSoftware": "dcm2niix",
    "ConversionSoftwareVersion": "v1.0.20211220",
    "Dcm2bidsVersion": "2.1.6",
    "IntendedFor": [
        "ses-01/func/sub-02_ses-01_task-GDMotor_run-01_sbref.nii.gz",
        "ses-01/func/sub-02_ses-01_task-GDMotor_run-01_bold.nii.gz",
        "ses-01/func/sub-02_ses-01_task-GDMotor_run-02_sbref.nii.gz",
        "ses-01/func/sub-02_ses-01_task-GDMotor_run-02_bold.nii.gz",
        "ses-01/func/sub-02_ses-01_task-GDMotor_run-03_sbref.nii.gz",
        "ses-01/func/sub-02_ses-01_task-GDMotor_run-03_bold.nii.gz",
        "ses-01/func/sub-02_ses-01_task-GDMotor_run-04_sbref.nii.gz",
        "ses-01/func/sub-02_ses-01_task-GDMotor_run-04_bold.nii.gz",
        "ses-01/func/sub-02_ses-01_task-GDMotor_run-05_sbref.nii.gz",
        "ses-01/func/sub-02_ses-01_task-GDMotor_run-05_bold.nii.gz",
        "ses-01/func/sub-02_ses-01_task-GDMotor_run-06_sbref.nii.gz",
        "ses-01/func/sub-02_ses-01_task-GDMotor_run-06_bold.nii.gz",
        "ses-01/func/sub-02_ses-01_task-GDMotor_run-07_sbref.nii.gz",
        "ses-01/func/sub-02_ses-01_task-GDMotor_run-07_bold.nii.gz",
        "ses-01/func/sub-02_ses-01_task-GDMotor_run-08_sbref.nii.gz",
        "ses-01/func/sub-02_ses-01_task-GDMotor_run-08_bold.nii.gz"
    ]
}