{
    "Modality": "MR",
    "MagneticFieldStrength": 3,
    "ImagingFrequency": 123.122,
    "Manufacturer": "Siemens",
    "ManufacturersModelName": "Verio",
    "DeviceSerialNumber": "40463",
    "StationName": "MRC40463",
    "PatientPosition": "HFS",
    "SoftwareVersions": "syngo MR B17",
    "MRAcquisitionType": "3D",
    "SeriesDescription": "T2w_SPC1_0.8iso",
    "ProtocolName": "T2w_SPC1_0.8iso",
    "ScanningSequence": "SE",
    "SequenceVariant": "SK\\SP",
    "ScanOptions": "PFP",
    "SequenceName": "*spc3d1_334ns",
    "ImageType": [
        "ORIGINAL",
        "PRIMARY",
        "M",
        "ND"
    ],
    "SeriesNumber": 17,
    "AcquisitionTime": "18:52:43.302500",
    "AcquisitionNumber": 1,
    "SliceThickness": 0.8,
    "SAR": 0.0914567,
    "EchoTime": 0.56,
    "RepetitionTime": 3.2,
    "SpoilingState": true,
    "FlipAngle": 120,
    "PartialFourier": 1,
    "BaseResolution": 320,
    "ShimSetting": [
        2850,
        7649,
        -15130,
        13,
        1094,
        -683,
        -331,
        1210
    ],
    "TxRefAmp": 466.27,
    "PhaseResolution": 1.00667,
    "ReceiveCoilName": "32Ch_Head",
    "CoilString": "C:HEA;HEP",
    "PulseSequenceDetails": "%SiemensSeq%\\tse_vfl",
    "RefLinesPE": 32,
    "CoilCombinationMethod": "Adaptive Combine",
    "MatrixCoilMode": "GRAPPA",
    "PercentPhaseFOV": 93.75,
    "PercentSampling": 100.667,
    "EchoTrainLength": 167,
    "PhaseEncodingSteps": 290,
    "AcquisitionMatrixPE": 302,
    "ReconMatrixPE": 300,
    "ParallelReductionFactorInPlane": 2,
    "PixelBandwidth": 744,
    "DwellTime": 2.1e-06,
    "PhaseEncodingDirection": "i",
    "ImageOrientationPatientDICOM": [
        0,
        1,
        0,
        0,
        0,
        -1
    ],
    "ImageOrientationText": "Sag",
    "InPlanePhaseEncodingDirectionDICOM": "ROW",
    "ConversionSoftware": "dcm2niix",
    "ConversionSoftwareVersion": "v1.0.20211220",
    "Dcm2bidsVersion": "2.1.6"
}