{
    "Modality": "MR",
    "MagneticFieldStrength": 6.98,
    "ImagingFrequency": 297.224,
    "Manufacturer": "Siemens",
    "ManufacturersModelName": "Investigational_Device_7T",
    "DeviceSerialNumber": "18981",
    "StationName": "MRC18981",
    "PatientPosition": "HFS",
    "SoftwareVersions": "syngo MR B17",
    "MRAcquisitionType": "2D",
    "SeriesDescription": "SpinEchoFieldMap_AP_SBRef",
    "ProtocolName": "SpinEchoFieldMap_AP",
    "ScanningSequence": "EP",
    "SequenceVariant": "SK",
    "ScanOptions": "PFP",
    "SequenceName": "epse2d1_130",
    "ImageType": [
        "ORIGINAL",
        "PRIMARY",
        "M",
        "ND",
        "MOSAIC"
    ],
    "SeriesNumber": 4,
    "AcquisitionTime": "14:02:42.140000",
    "AcquisitionNumber": 1,
    "ImageComments": "Single-band reference",
    "SliceThickness": 1.6,
    "SpacingBetweenSlices": 1.6,
    "SAR": 0.0575454,
    "EchoTime": 0.06,
    "RepetitionTime": 3,
    "FlipAngle": 90,
    "PartialFourier": 0.875,
    "BaseResolution": 130,
    "TxRefAmp": 250,
    "PhaseResolution": 1,
    "ReceiveCoilName": "32Ch_Head_7T",
    "CoilString": "C:A32",
    "PulseSequenceDetails": "%CustomerSeq%\\cmrr_mbep2d_se",
    "RefLinesPE": 96,
    "CoilCombinationMethod": "Sum of Squares",
    "MatrixCoilMode": "GRAPPA",
    "PercentPhaseFOV": 100,
    "PercentSampling": 100,
    "PhaseEncodingSteps": 114,
    "AcquisitionMatrixPE": 130,
    "ReconMatrixPE": 130,
    "BandwidthPerPixelPhaseEncode": 24.038,
    "ParallelReductionFactorInPlane": 2,
    "EffectiveEchoSpacing": 0.000320006,
    "DerivedVendorReportedEchoSpacing": 0.000640012,
    "TotalReadoutTime": 0.0412808,
    "PixelBandwidth": 1923,
    "DwellTime": 2e-06,
    "PhaseEncodingDirection": "j",
    "SliceTiming": [
        0,
        0.175,
        0.3525,
        0.53,
        0.7075,
        0.885,
        1.0625,
        1.24,
        1.415,
        1.5925,
        1.77,
        1.9475,
        2.125,
        2.3025,
        2.48,
        2.6575,
        2.8325,
        3.01,
        3.1875,
        3.365,
        3.5425,
        3.72,
        3.8975,
        4.0725,
        4.25,
        4.4275,
        4.605,
        4.7825,
        4.96,
        5.1375,
        5.3125,
        5.49,
        5.6675,
        5.845,
        6.0225,
        6.2,
        6.3775,
        6.555,
        6.73,
        6.9075,
        7.085,
        7.2625,
        7.44,
        7.6175,
        7.795,
        7.97,
        8.1475,
        8.325,
        8.5025,
        8.68,
        8.8575,
        9.035,
        9.21,
        9.3875,
        9.565,
        9.7425,
        9.92,
        10.0975,
        10.275,
        10.4525,
        10.6275,
        10.805,
        10.9825,
        11.16,
        11.3375,
        11.515,
        11.6925,
        11.8675,
        12.045,
        12.2225,
        12.4,
        12.5775,
        12.755,
        12.9325,
        13.1075,
        13.285,
        13.4625,
        13.64,
        13.8175,
        13.995,
        14.1725,
        14.35,
        14.525,
        14.7025,
        14.88
    ],
    "ImageOrientationPatientDICOM": [
        1,
        1e-16,
        0,
        -1e-16,
        0.939693,
        -0.34202
    ],
    "ImageOrientationText": "Tra>Cor(-20.0)",
    "InPlanePhaseEncodingDirectionDICOM": "COL",
    "ConversionSoftware": "dcm2niix",
    "ConversionSoftwareVersion": "v1.0.20211220",
    "Dcm2bidsVersion": "2.1.6",
    "IntendedFor": [
        "ses-01/func/sub-03_ses-01_task-GDMotor_run-01_sbref.nii.gz",
        "ses-01/func/sub-03_ses-01_task-GDMotor_run-01_bold.nii.gz",
        "ses-01/func/sub-03_ses-01_task-GDMotor_run-02_sbref.nii.gz",
        "ses-01/func/sub-03_ses-01_task-GDMotor_run-02_bold.nii.gz",
        "ses-01/func/sub-03_ses-01_task-GDMotor_run-03_sbref.nii.gz",
        "ses-01/func/sub-03_ses-01_task-GDMotor_run-03_bold.nii.gz",
        "ses-01/func/sub-03_ses-01_task-GDMotor_run-04_sbref.nii.gz",
        "ses-01/func/sub-03_ses-01_task-GDMotor_run-04_bold.nii.gz",
        "ses-01/func/sub-03_ses-01_task-GDMotor_run-05_sbref.nii.gz",
        "ses-01/func/sub-03_ses-01_task-GDMotor_run-05_bold.nii.gz",
        "ses-01/func/sub-03_ses-01_task-GDMotor_run-06_sbref.nii.gz",
        "ses-01/func/sub-03_ses-01_task-GDMotor_run-06_bold.nii.gz",
        "ses-01/func/sub-03_ses-01_task-GDMotor_run-07_sbref.nii.gz",
        "ses-01/func/sub-03_ses-01_task-GDMotor_run-07_bold.nii.gz",
        "ses-01/func/sub-03_ses-01_task-GDMotor_run-08_sbref.nii.gz",
        "ses-01/func/sub-03_ses-01_task-GDMotor_run-08_bold.nii.gz"
    ]
}