{
    "Modality": "MR",
    "MagneticFieldStrength": 6.98,
    "ImagingFrequency": 297.224,
    "Manufacturer": "Siemens",
    "ManufacturersModelName": "Investigational_Device_7T",
    "DeviceSerialNumber": "18981",
    "StationName": "MRC18981",
    "PatientPosition": "HFS",
    "SoftwareVersions": "syngo MR B17",
    "MRAcquisitionType": "2D",
    "SeriesDescription": "MB5_TR1s_TE22p2_IPAT2_1.6mm_85slices_AP_367vols_SBRef",
    "ProtocolName": "MB5_TR1s_TE22p2_IPAT2_1.6mm_85slices_AP_367vols",
    "ScanningSequence": "EP",
    "SequenceVariant": "SK\\SS",
    "ScanOptions": "PFP\\FS",
    "SequenceName": "epfid2d1_130",
    "ImageType": [
        "ORIGINAL",
        "PRIMARY",
        "M",
        "ND",
        "MOSAIC"
    ],
    "SeriesNumber": 10,
    "AcquisitionTime": "10:24:16.100000",
    "AcquisitionNumber": 1,
    "ImageComments": "Single-band reference",
    "SliceThickness": 1.6,
    "SpacingBetweenSlices": 1.6,
    "SAR": 0.116706,
    "EchoTime": 0.0222,
    "RepetitionTime": 1,
    "FlipAngle": 45,
    "PartialFourier": 0.875,
    "BaseResolution": 130,
    "ShimSetting": [
        30,
        -8,
        829,
        594,
        -68,
        -121,
        -125,
        70
    ],
    "TxRefAmp": 219.451,
    "PhaseResolution": 1,
    "ReceiveCoilName": "32Ch_Head_7T",
    "CoilString": "C:A32",
    "PulseSequenceDetails": "%CustomerSeq%\\cmrr_mbep2d_bold",
    "RefLinesPE": 96,
    "CoilCombinationMethod": "Sum of Squares",
    "MatrixCoilMode": "GRAPPA",
    "PercentPhaseFOV": 100,
    "PercentSampling": 100,
    "PhaseEncodingSteps": 114,
    "AcquisitionMatrixPE": 130,
    "ReconMatrixPE": 130,
    "BandwidthPerPixelPhaseEncode": 24.038,
    "ParallelReductionFactorInPlane": 2,
    "EffectiveEchoSpacing": 0.000320006,
    "DerivedVendorReportedEchoSpacing": 0.000640012,
    "TotalReadoutTime": 0.0412808,
    "PixelBandwidth": 1923,
    "DwellTime": 2e-06,
    "PhaseEncodingDirection": "j-",
    "SliceTiming": [
        0,
        0.0575,
        0.1175,
        0.175,
        0.235,
        0.295,
        0.3525,
        0.4125,
        0.47,
        0.53,
        0.59,
        0.6475,
        0.7075,
        0.7675,
        0.825,
        0.885,
        0.9425,
        1.0025,
        1.0625,
        1.12,
        1.18,
        1.2375,
        1.2975,
        1.3575,
        1.415,
        1.475,
        1.5325,
        1.5925,
        1.6525,
        1.71,
        1.77,
        1.83,
        1.8875,
        1.9475,
        2.005,
        2.065,
        2.125,
        2.1825,
        2.2425,
        2.3,
        2.36,
        2.42,
        2.4775,
        2.5375,
        2.5975,
        2.655,
        2.715,
        2.7725,
        2.8325,
        2.8925,
        2.95,
        3.01,
        3.0675,
        3.1275,
        3.1875,
        3.245,
        3.305,
        3.365,
        3.4225,
        3.4825,
        3.54,
        3.6,
        3.66,
        3.7175,
        3.7775,
        3.835,
        3.895,
        3.955,
        4.0125,
        4.0725,
        4.1325,
        4.19,
        4.25,
        4.3075,
        4.3675,
        4.4275,
        4.485,
        4.545,
        4.6025,
        4.6625,
        4.7225,
        4.78,
        4.84,
        4.9,
        4.9575
    ],
    "ImageOrientationPatientDICOM": [
        1,
        -1e-16,
        0,
        1e-16,
        0.939693,
        -0.34202
    ],
    "ImageOrientationText": "Tra>Cor(-20.0)",
    "InPlanePhaseEncodingDirectionDICOM": "COL",
    "ConversionSoftware": "dcm2niix",
    "ConversionSoftwareVersion": "v1.0.20211220",
    "Dcm2bidsVersion": "2.1.6",
    "TaskName": "GDMotor"
}