{
    "Modality": "MR",
    "MagneticFieldStrength": 6.98,
    "ImagingFrequency": 297.224,
    "Manufacturer": "Siemens",
    "ManufacturersModelName": "Investigational_Device_7T",
    "DeviceSerialNumber": "18981",
    "StationName": "MRC18981",
    "PatientPosition": "HFS",
    "SoftwareVersions": "syngo MR B17",
    "MRAcquisitionType": "3D",
    "SeriesDescription": "mp2rage-wip900_0.75iso_7T_UNI-DEN",
    "ProtocolName": "mp2rage-wip900_0.75iso_7T",
    "ScanningSequence": "GR\\IR",
    "SequenceVariant": "SP\\MP",
    "ScanOptions": "IR\\PFP",
    "SequenceName": "tfl3d1_ns",
    "ImageType": [
        "ORIGINAL",
        "PRIMARY",
        "M",
        "ND",
        "UNI"
    ],
    "SeriesNumber": 25,
    "AcquisitionTime": "13:11:13.650000",
    "AcquisitionNumber": 1,
    "ImageComments": "DENOISED IMAGE (lambda = 150)",
    "SliceThickness": 0.75,
    "SAR": 0.0366567,
    "EchoTime": 0.00299,
    "RepetitionTime": 6,
    "PartialFourier": 0.75,
    "BaseResolution": 320,
    "ShimSetting": [
        -89,
        111,
        884,
        490,
        -202,
        -290,
        -220,
        161
    ],
    "TxRefAmp": 145.272,
    "PhaseResolution": 1,
    "ReceiveCoilName": "32Ch_Head_7T",
    "CoilString": "C:A32",
    "PulseSequenceDetails": "%CustomerSeq%\\tfl_wip900b17a",
    "RefLinesPE": 32,
    "CoilCombinationMethod": "Adaptive Combine",
    "MatrixCoilMode": "GRAPPA",
    "PercentPhaseFOV": 93.75,
    "PercentSampling": 100,
    "PhaseEncodingSteps": 226,
    "AcquisitionMatrixPE": 300,
    "ReconMatrixPE": 300,
    "ParallelReductionFactorInPlane": 3,
    "PixelBandwidth": 240,
    "DwellTime": 6.5e-06,
    "ImageOrientationPatientDICOM": [
        0,
        1,
        0,
        0,
        0,
        -1
    ],
    "ImageOrientationText": "Sag",
    "InPlanePhaseEncodingDirectionDICOM": "ROW",
    "ConversionSoftware": "dcm2niix",
    "ConversionSoftwareVersion": "v1.0.20211220",
    "Dcm2bidsVersion": "2.1.6"
}