{
    "Modality": "MR",
    "MagneticFieldStrength": 6.98,
    "ImagingFrequency": 297.224,
    "Manufacturer": "Siemens",
    "ManufacturersModelName": "Investigational_Device_7T",
    "DeviceSerialNumber": "18981",
    "StationName": "MRC18981",
    "PatientPosition": "HFS",
    "SoftwareVersions": "syngo MR B17",
    "MRAcquisitionType": "2D",
    "SeriesDescription": "MB5_TR1s_TE22p2_IPAT2_1.6mm_85slices_AP_367vols",
    "ProtocolName": "MB5_TR1s_TE22p2_IPAT2_1.6mm_85slices_AP_367vols",
    "ScanningSequence": "EP",
    "SequenceVariant": "SK\\SS",
    "ScanOptions": "PFP\\FS",
    "SequenceName": "epfid2d1_130",
    "ImageType": [
        "ORIGINAL",
        "PRIMARY",
        "M",
        "MB",
        "ND",
        "MOSAIC"
    ],
    "SeriesNumber": 15,
    "AcquisitionTime": "10:36:57.847500",
    "AcquisitionNumber": 1,
    "ImageComments": "Unaliased MB5/PE4",
    "SliceThickness": 1.6,
    "SpacingBetweenSlices": 1.6,
    "SAR": 0.0716673,
    "EchoTime": 0.0222,
    "RepetitionTime": 1,
    "FlipAngle": 45,
    "PartialFourier": 0.875,
    "BaseResolution": 130,
    "ShimSetting": [
        9,
        74,
        885,
        639,
        -53,
        -190,
        -301,
        141
    ],
    "TxRefAmp": 163.37,
    "PhaseResolution": 1,
    "ReceiveCoilName": "32Ch_Head_7T",
    "CoilString": "C:A32",
    "PulseSequenceDetails": "%CustomerSeq%\\cmrr_mbep2d_bold",
    "RefLinesPE": 96,
    "CoilCombinationMethod": "Sum of Squares",
    "MatrixCoilMode": "GRAPPA",
    "MultibandAccelerationFactor": 5,
    "PercentPhaseFOV": 100,
    "PercentSampling": 100,
    "PhaseEncodingSteps": 114,
    "AcquisitionMatrixPE": 130,
    "ReconMatrixPE": 130,
    "BandwidthPerPixelPhaseEncode": 24.038,
    "ParallelReductionFactorInPlane": 2,
    "EffectiveEchoSpacing": 0.000320006,
    "DerivedVendorReportedEchoSpacing": 0.000640012,
    "TotalReadoutTime": 0.0412808,
    "PixelBandwidth": 1923,
    "DwellTime": 2e-06,
    "PhaseEncodingDirection": "j-",
    "SliceTiming": [
        0,
        0.53,
        0.0575,
        0.59,
        0.1175,
        0.6475,
        0.1775,
        0.7075,
        0.235,
        0.7675,
        0.295,
        0.825,
        0.3525,
        0.885,
        0.4125,
        0.945,
        0.4725,
        0,
        0.53,
        0.0575,
        0.59,
        0.1175,
        0.6475,
        0.1775,
        0.7075,
        0.235,
        0.7675,
        0.295,
        0.825,
        0.3525,
        0.885,
        0.4125,
        0.945,
        0.4725,
        0,
        0.53,
        0.0575,
        0.59,
        0.1175,
        0.6475,
        0.1775,
        0.7075,
        0.235,
        0.7675,
        0.295,
        0.825,
        0.3525,
        0.885,
        0.4125,
        0.945,
        0.4725,
        0,
        0.53,
        0.0575,
        0.59,
        0.1175,
        0.6475,
        0.1775,
        0.7075,
        0.235,
        0.7675,
        0.295,
        0.825,
        0.3525,
        0.885,
        0.4125,
        0.945,
        0.4725,
        0,
        0.53,
        0.0575,
        0.59,
        0.1175,
        0.6475,
        0.1775,
        0.7075,
        0.235,
        0.7675,
        0.295,
        0.825,
        0.3525,
        0.885,
        0.4125,
        0.945,
        0.4725
    ],
    "ImageOrientationPatientDICOM": [
        1,
        -1e-16,
        0,
        1e-16,
        0.939693,
        -0.34202
    ],
    "ImageOrientationText": "Tra>Cor(-20.0)",
    "InPlanePhaseEncodingDirectionDICOM": "COL",
    "ConversionSoftware": "dcm2niix",
    "ConversionSoftwareVersion": "v1.0.20211220",
    "Dcm2bidsVersion": "2.1.6",
    "TaskName": "GDMotor"
}